GEM
  remote: http://rubygems.org/
  specs:
    activemodel (3.0.7)
      activesupport (= 3.0.7)
      builder (~> 2.1.2)
      i18n (~> 0.5.0)
    activesupport (3.0.7)
    builder (2.1.2)
    git (1.2.5)
    i18n (0.5.0)
    jeweler (1.6.4)
      bundler (~> 1.0)
      git (>= 1.2.5)
      rake
    mime-types (1.16)
    rake (0.9.2)
    rcov (0.9.9)
    shoulda (2.11.3)
    typhoeus (0.2.4)
      mime-types
      mime-types
    will_paginate (3.0.pre2)

PLATFORMS
  ruby

DEPENDENCIES
  activemodel
  activesupport
  bundler (~> 1.0.0)
  jeweler (~> 1.6.4)
  rcov
  shoulda
  typhoeus (~> 0.2.4)
  will_paginate (~> 3.0.pre2)
